GEM
  remote: http://rubygems.org/
  remote: http://gems.github.com/
  specs:
    Ascii85 (1.0.1)
    actionmailer (2.3.11)
      actionpack (= 2.3.11)
    actionpack (2.3.11)
      activesupport (= 2.3.11)
      rack (~> 1.1.0)
    activerecord (2.3.11)
      activesupport (= 2.3.11)
    activeresource (2.3.11)
      activesupport (= 2.3.11)
    activesupport (2.3.11)
    acts_as_tree (0.1.1)
    aws-s3 (0.6.2)
      builder
      mime-types
      xml-simple
    builder (3.0.0)
    cancan (1.6.5)
    devise (1.0.6)
      warden (~> 0.10.3)
    fastercsv (1.5.4)
    formtastic (1.1.0)
      actionpack (>= 2.3.0)
      activesupport (>= 2.3.0)
      i18n (>= 0.4.0)
    i18n (0.6.0)
    mime-types (1.16)
    nifty-generators (0.4.6)
    pdf-reader (0.10.0)
      Ascii85 (~> 1.0.0)
    pdfkit (0.5.2)
    prawn (0.11.1)
      pdf-reader (>= 0.9.0)
      ttfunk (~> 1.0.0)
    rack (1.1.2)
    rails (2.3.11)
      actionmailer (= 2.3.11)
      actionpack (= 2.3.11)
      activerecord (= 2.3.11)
      activeresource (= 2.3.11)
      activesupport (= 2.3.11)
      rake (>= 0.8.3)
    rake (0.8.7)
    ruby-ole (1.2.11.1)
    spreadsheet (0.6.5.4)
      ruby-ole (>= 1.0)
    sqlite3 (1.3.3)
    sqlite3 (1.3.3-x86-mingw32)
    sqlite3-ruby (1.3.3)
      sqlite3 (>= 1.3.3)
    ttfunk (1.0.1)
    warden (0.10.7)
      rack (>= 1.0.0)
    will_paginate (2.3.15)
    wkhtmltopdf (0.1.2)
    wkhtmltopdf-binary (0.9.5.3)
    xml-simple (1.0.16)

PLATFORMS
  ruby
  x86-mingw32

DEPENDENCIES
  acts_as_tree
  aws-s3
  cancan
  devise (= 1.0.6)
  fastercsv
  formtastic (~> 1.1.0)
  nifty-generators
  pdfkit
  prawn
  rails (= 2.3.11)
  rake (= 0.8.7)
  spreadsheet
  sqlite3-ruby
  will_paginate
  wkhtmltopdf
  wkhtmltopdf-binary
